GEM
  remote: https://rubygems.org/
  specs:
    terminal-table (3.0.2)
      unicode-display_width (>= 1.1.1, < 3)
    unicode-display_width (2.5.0)

PLATFORMS
  x86-mingw32

DEPENDENCIES
  terminal-table

RUBY VERSION
   ruby 3.3.1p55

BUNDLED WITH
   2.5.10
